GEM
  remote: https://rubygems.org/
  specs:
    actionmailer (3.2.11)
      actionpack (= 3.2.11)
      mail (~> 2.4.4)
    actionpack (3.2.11)
      activemodel (= 3.2.11)
      activesupport (= 3.2.11)
      builder (~> 3.0.0)
      erubis (~> 2.7.0)
      journey (~> 1.0.4)
      rack (~> 1.4.0)
      rack-cache (~> 1.2)
      rack-test (~> 0.6.1)
      sprockets (~> 2.2.1)
    activeadmin (0.5.0)
      arbre (>= 1.0.1)
      bourbon (>= 1.0.0)
      devise (>= 1.1.2)
      fastercsv
      formtastic (>= 2.0.0)
      inherited_resources (>= 1.3.1)
      jquery-rails (>= 1.0.0)
      kaminari (>= 0.13.0)
      meta_search (>= 0.9.2)
      rails (>= 3.0.0)
      sass (>= 3.1.0)
    activemodel (3.2.11)
      activesupport (= 3.2.11)
      builder (~> 3.0.0)
    activerecord (3.2.11)
      activemodel (= 3.2.11)
      activesupport (= 3.2.11)
      arel (~> 3.0.2)
      tzinfo (~> 0.3.29)
    activeresource (3.2.11)
      activemodel (= 3.2.11)
      activesupport (= 3.2.11)
    activesupport (3.2.11)
      i18n (~> 0.6)
      multi_json (~> 1.0)
    arbre (1.0.1)
      activesupport (>= 3.0.0)
    arel (3.0.2)
    aws-sdk (1.3.9)
      httparty (~> 0.7)
      json (~> 1.4)
      nokogiri (>= 1.4.4)
      uuidtools (~> 2.1)
    bcrypt-ruby (3.0.1)
    better_errors (0.3.2)
      coderay (>= 1.0.0)
      erubis (>= 2.7.0)
    binding_of_caller (0.6.8)
    bootstrap-sass (2.1.1.0)
    bourbon (2.1.2)
      sass (>= 3.2)
      thor
    builder (3.0.4)
    cocaine (0.4.2)
    coderay (1.0.8)
    coffee-rails (3.2.2)
      coffee-script (>= 2.2.0)
      railties (~> 3.2.0)
    coffee-script (2.2.0)
      coffee-script-source
      execjs
    coffee-script-source (1.4.0)
    database_cleaner (0.9.1)
    devise (2.1.2)
      bcrypt-ruby (~> 3.0)
      orm_adapter (~> 0.1)
      railties (~> 3.1)
      warden (~> 1.2.1)
    diff-lcs (1.1.3)
    erubis (2.7.0)
    execjs (1.4.0)
      multi_json (~> 1.0)
    factory_girl (3.2.0)
      activesupport (>= 3.0.0)
    factory_girl_rails (3.2.0)
      factory_girl (~> 3.2.0)
      railties (>= 3.0.0)
    faker (1.1.2)
      i18n (~> 0.5)
    faraday (0.8.4)
      multipart-post (~> 1.1)
    fastercsv (1.5.5)
    font-awesome-rails (0.4.1)
      railties (~> 3.1)
    formtastic (2.2.1)
      actionpack (>= 3.0)
    friendly_id (4.0.9)
    gibbon (0.4.0)
      httparty
      json
    haml (3.1.7)
    haml-rails (0.3.5)
      actionpack (>= 3.1, < 4.1)
      activesupport (>= 3.1, < 4.1)
      haml (~> 3.1)
      railties (>= 3.1, < 4.1)
    has_scope (0.5.1)
    hashie (1.2.0)
    hike (1.2.1)
    hirb (0.7.0)
    httparty (0.9.0)
      multi_json (~> 1.0)
      multi_xml
    httpauth (0.2.0)
    i18n (0.6.1)
    inherited_resources (1.3.1)
      has_scope (~> 0.5.0)
      responders (~> 0.6)
    journey (1.0.4)
    jquery-rails (1.0.19)
      railties (~> 3.0)
      thor (~> 0.14)
    jquery-ui-rails (2.0.2)
      jquery-rails
      railties (>= 3.1.0)
    json (1.7.6)
    jwt (0.1.5)
      multi_json (>= 1.0)
    kaminari (0.14.1)
      actionpack (>= 3.0.0)
      activesupport (>= 3.0.0)
    koala (1.5.0)
      faraday (~> 0.7)
      multi_json (~> 1.3)
    mail (2.4.4)
      i18n (>= 0.4.0)
      mime-types (~> 1.16)
      treetop (~> 1.4.8)
    meta_search (1.1.3)
      actionpack (~> 3.1)
      activerecord (~> 3.1)
      activesupport (~> 3.1)
      polyamorous (~> 0.5.0)
    mime-types (1.19)
    multi_json (1.5.0)
    multi_xml (0.5.1)
    multipart-post (1.1.5)
    nokogiri (1.5.5)
    oauth2 (0.8.0)
      faraday (~> 0.8)
      httpauth (~> 0.1)
      jwt (~> 0.1.4)
      multi_json (~> 1.0)
      rack (~> 1.2)
    omniauth (1.1.1)
      hashie (~> 1.2)
      rack
    omniauth-facebook (1.4.1)
      omniauth-oauth2 (~> 1.1.0)
    omniauth-oauth2 (1.1.1)
      oauth2 (~> 0.8.0)
      omniauth (~> 1.0)
    orm_adapter (0.4.0)
    paperclip (3.3.1)
      activemodel (>= 3.0.0)
      activerecord (>= 3.0.0)
      activesupport (>= 3.0.0)
      cocaine (~> 0.4.0)
      mime-types
    pg (0.14.1)
    polyamorous (0.5.0)
      activerecord (~> 3.0)
    polyglot (0.3.3)
    rack (1.4.3)
    rack-cache (1.2)
      rack (>= 0.4)
    rack-ssl (1.3.2)
      rack
    rack-test (0.6.2)
      rack (>= 1.0)
    rails (3.2.11)
      actionmailer (= 3.2.11)
      actionpack (= 3.2.11)
      activerecord (= 3.2.11)
      activeresource (= 3.2.11)
      activesupport (= 3.2.11)
      bundler (~> 1.0)
      railties (= 3.2.11)
    railties (3.2.11)
      actionpack (= 3.2.11)
      activesupport (= 3.2.11)
      rack-ssl (~> 1.3.2)
      rake (>= 0.8.7)
      rdoc (~> 3.4)
      thor (>= 0.14.6, < 2.0)
    rake (10.0.3)
    rdoc (3.12)
      json (~> 1.4)
    remotipart (1.0.2)
    responders (0.9.3)
      railties (~> 3.1)
    rspec (2.11.0)
      rspec-core (~> 2.11.0)
      rspec-expectations (~> 2.11.0)
      rspec-mocks (~> 2.11.0)
    rspec-core (2.11.1)
    rspec-expectations (2.11.3)
      diff-lcs (~> 1.1.3)
    rspec-mocks (2.11.3)
    rspec-rails (2.11.4)
      actionpack (>= 3.0)
      activesupport (>= 3.0)
      railties (>= 3.0)
      rspec (~> 2.11.0)
    sass (3.2.2)
    sass-rails (3.2.5)
      railties (~> 3.2.0)
      sass (>= 3.1.10)
      tilt (~> 1.3)
    shoulda-matchers (1.4.1)
      activesupport (>= 3.0.0)
    spork (1.0.0rc3)
    spork-rails (3.2.0)
      rails (>= 3.0.0, < 3.3.0)
      spork (>= 1.0rc0)
    sprockets (2.2.2)
      hike (~> 1.2)
      multi_json (~> 1.0)
      rack (~> 1.0)
      tilt (~> 1.1, != 1.3.0)
    sqlite3 (1.3.6)
    state_machine (1.1.2)
    thor (0.16.0)
    tilt (1.3.3)
    time_diff (0.2.2)
      activesupport
      i18n
    treetop (1.4.12)
      polyglot
      polyglot (>= 0.3.1)
    tzinfo (0.3.35)
    uglifier (1.3.0)
      execjs (>= 0.3.0)
      multi_json (~> 1.0, >= 1.0.2)
    uuidtools (2.1.3)
    warden (1.2.1)
      rack (>= 1.0)
    will_paginate (3.0.3)

PLATFORMS
  ruby

DEPENDENCIES
  activeadmin
  aws-sdk (~> 1.3.4)
  better_errors
  binding_of_caller
  bootstrap-sass (>= 2.1.0.0)
  coffee-rails (~> 3.2.1)
  database_cleaner
  factory_girl_rails (= 3.2.0)
  faker
  font-awesome-rails
  friendly_id (~> 4.0.1)
  gibbon
  haml (>= 3.1.6)
  haml-rails (>= 0.3.4)
  hirb
  jquery-rails (~> 1.0.19)
  jquery-ui-rails
  koala
  meta_search (>= 1.1.0.pre)
  omniauth
  omniauth-facebook
  paperclip
  pg
  rails (= 3.2.11)
  remotipart (~> 1.0)
  rspec-rails
  sass (~> 3.2.0.alpha.35)
  sass-rails (~> 3.2.0.alpha.95)
  shoulda-matchers (>= 1.2.0)
  spork-rails
  sqlite3
  state_machine
  time_diff
  uglifier (>= 1.0.3)
  will_paginate
